GEM
  remote: https://rubygems.org/
  specs:
    aruba (0.6.1)
      childprocess (>= 0.3.6)
      cucumber (>= 1.1.1)
      rspec-expectations (>= 2.7.0)
    bit-struct (0.15.0)
    builder (3.2.2)
    childprocess (0.5.3)
      ffi (~> 1.0, >= 1.0.11)
    cucumber (1.3.16)
      builder (>= 2.1.2)
      diff-lcs (>= 1.1.3)
      gherkin (~> 2.12)
      multi_json (>= 1.7.5, < 2.0)
      multi_test (>= 0.1.1)
    diff-lcs (1.2.5)
    ffi (1.9.3)
    geoip-c (0.9.1)
    gherkin (2.12.2)
      multi_json (~> 1.3)
    htmlentities (4.3.4)
    mini_portile2 (2.3.0)
    multi_json (1.10.1)
    multi_test (0.1.1)
    net-dns (0.8.0)
    nokogiri (1.8.3)
      mini_portile2 (~> 2.3.0)
    oj (2.10.2)
    recog (2.1.19)
      nokogiri
    rspec (3.1.0)
      rspec-core (~> 3.1.0)
      rspec-expectations (~> 3.1.0)
      rspec-mocks (~> 3.1.0)
    rspec-core (3.1.1)
      rspec-support (~> 3.1.0)
    rspec-expectations (3.1.0)
      diff-lcs (>= 1.2.0, < 2.0)
      rspec-support (~> 3.1.0)
    rspec-mocks (3.1.0)
      rspec-support (~> 3.1.0)
    rspec-support (3.1.0)

PLATFORMS
  ruby

DEPENDENCIES
  aruba (~> 0.6.1)
  bit-struct
  cucumber (~> 1.3.16)
  geoip-c
  htmlentities
  net-dns
  oj
  recog (>= 2.0.15)
  rspec (~> 3.1.0)

BUNDLED WITH
   1.16.1
